RESTRICTION: >= net45
NUGET
  remote: https://api.nuget.org/v3/index.json
    Aardvark.Base (2.4.19)
      DevILSharp (>= 0.0.11 < 0.1)
    Aardvark.Base.Essentials (2.4.19)
      Aardvark.Base (>= 2.4.19)
      System.Collections.Immutable (>= 1.2 < 1.3)
      System.Reactive.Linq (>= 3.0 < 3.1)
    Aardvark.Base.FSharp (2.4.19)
      Aardvark.Base (>= 2.4.19)
      DevILSharp (>= 0.0.11 < 0.1)
    Aardvark.Base.Incremental (2.4.19)
      Aardvark.Base (>= 2.4.19)
      Aardvark.Base.Essentials (>= 2.4.19)
      Aardvark.Base.FSharp (>= 2.4.19)
      System.Reactive.Core (>= 3.0 < 3.1)
      System.Reactive.Interfaces (>= 3.0 < 3.1)
      System.Reactive.Linq (>= 3.0 < 3.1)
    Another.Unofficial.Xilium.CefGlue (0.0.9)
    Another.Unofficial.Xilium.CefGlue.WindowsForms (0.0.9)
      Another.Unofficial.Xilium.CefGlue (0.0.9)
    DevILSharp (0.0.13)
    FSharp.Compiler.Service (8.0)
      System.Collections.Immutable (>= 1.2)
      System.Reflection.Metadata (>= 1.4.1-beta-24227-04)
    FSharp.Data (2.4.6)
    FsPickler (3.2)
    FsPickler.Json (3.2)
      FsPickler (3.2)
      Newtonsoft.Json (>= 6.0.5)
    Mono.Cecil (0.9.6.4)
    Newtonsoft.Json (11.0.2)
    SharpZipLib (0.86)
    System.Collections.Immutable (1.2)
    System.Reactive.Core (3.0)
      System.Reactive.Interfaces (>= 3.0)
    System.Reactive.Interfaces (3.0)
    System.Reactive.Linq (3.0)
      System.Reactive.Core (>= 3.0)
      System.Reactive.Interfaces (>= 3.0)
    System.Reflection.Metadata (1.4.1-beta-24430-01)
      System.Collections.Immutable (>= 1.2)

GROUP Build
CONTENT: NONE
RESTRICTION: == net45
NUGET
  remote: https://api.nuget.org/v3/index.json
    FAKE (4.63.2)
    ILRepack (2.0.16)
    Mono.Cecil (0.10.1)
    SourceLink.Fake (1.1)
GITHUB
  remote: aardvark-platform/aardvark.fake
    FULLPROJECT (a67246f7ceec0cb8bc9e529addf3cf8701937665)
      FAKE (>= 4.63 < 4.64)
      Mono.Cecil (>= 0.10.0-beta6 < 0.11)
      SourceLink.Fake (>= 1.1 < 1.2)